GEM
  remote: http://rubygems.org/
  specs:
    activemodel (3.1.1)
      activesupport (= 3.1.1)
      builder (~> 3.0.0)
      i18n (~> 0.6)
    activesupport (3.1.1)
      multi_json (~> 1.0)
    bson (1.3.1)
    bson_ext (1.3.1)
    builder (3.0.0)
    diff-lcs (1.1.3)
    haml (3.1.3)
    i18n (0.6.0)
    mechanize (2.0.1)
      net-http-digest_auth (~> 1.1, >= 1.1.1)
      net-http-persistent (~> 1.8)
      nokogiri (~> 1.4)
      webrobots (~> 0.0, >= 0.0.9)
    mongo (1.3.1)
      bson (>= 1.3.1)
    mongoid (2.0.0)
      activemodel (~> 3.0)
      mongo (~> 1.2)
      tzinfo (~> 0.3.22)
      will_paginate (~> 3.0.pre)
    multi_json (1.0.3)
    net-http-digest_auth (1.1.1)
    net-http-persistent (1.9)
    nokogiri (1.5.0)
    rack (1.3.5)
    rack-protection (1.1.4)
      rack
    rake (0.9.2.2)
    rspec (2.7.0)
      rspec-core (~> 2.7.0)
      rspec-expectations (~> 2.7.0)
      rspec-mocks (~> 2.7.0)
    rspec-core (2.7.1)
    rspec-expectations (2.7.0)
      diff-lcs (~> 1.1.2)
    rspec-mocks (2.7.0)
    sinatra (1.3.1)
      rack (~> 1.3, >= 1.3.4)
      rack-protection (~> 1.1, >= 1.1.2)
      tilt (~> 1.3, >= 1.3.3)
    tilt (1.3.3)
    tzinfo (0.3.30)
    webrobots (0.0.12)
      nokogiri (>= 1.4.4)
    will_paginate (3.0.2)

PLATFORMS
  ruby

DEPENDENCIES
  bson_ext (~> 1.3)
  haml
  mechanize
  mongoid (= 2.0)
  nokogiri
  rake
  rspec
  sinatra
